GEM
  remote: https://rubygems.org/
  specs:
    childprocess (0.9.0)
      ffi (~> 1.0, >= 1.0.11)
    debase (0.2.4.1)
      debase-ruby_core_source (>= 0.10.2)
    debase-ruby_core_source (0.10.10)
    ffi (1.10.0)
    mini_portile2 (2.5.1)
    nokogiri (1.11.4)
      mini_portile2 (~> 2.5.0)
      racc (~> 1.4)
    racc (1.5.2)
    rake (13.0.1)
    ruby-debug-ide (0.7.2)
      rake (>= 0.8.1)
    rubyzip (1.2.2)
    selenium-webdriver (3.141.0)
      childprocess (~> 0.5)
      rubyzip (~> 1.2, >= 1.2.2)

PLATFORMS
  ruby

DEPENDENCIES
  debase
  nokogiri
  ruby-debug-ide
  selenium-webdriver

BUNDLED WITH
   2.0.1
